{
    "AcquisitionDateTime": "2019-06-02T09:04:10.657500",
    "AcquisitionMatrixPE": 136,
    "AcquisitionNumber": 1,
    "AcquisitionTime": "09:04:10.657500",
    "BandwidthPerPixelPhaseEncode": 18.854,
    "BaseResolution": 136,
    "BodyPartExamined": "BRAIN",
    "ConsistencyInfo": "N4_VE11C_LATEST_20160120",
    "ConversionSoftware": "dcm2niix",
    "ConversionSoftwareVersion": "v1.0.20181114  (JP2:OpenJPEG) GCC4.8.4",
    "DeidentificationMethod": "Penn_BSC_profile_v3.0",
    "DerivedVendorReportedEchoSpacing": 0.000779987,
    "DeviceSerialNumber": "66044",
    "EchoTime": 0.09,
    "EchoTrainLength": 58,
    "EffectiveEchoSpacing": 0.000389994,
    "FlipAngle": 90,
    "ImageComments": "Unaliased_MB4_PE4_SENSE1_20594_11269@BBL:CS-DSI",
    "ImageOrientationPatientDICOM": [
        1,
        0,
        0,
        0,
        1,
        0
    ],
    "ImageType": [
        "ORIGINAL",
        "PRIMARY",
        "DIFFUSION",
        "NONE",
        "MB",
        "ND",
        "NORM",
        "MOSAIC"
    ],
    "ImagingFrequency": 123.255,
    "InPlanePhaseEncodingDirectionDICOM": "COL",
    "InstitutionAddress": "Curie_Blvd._422_Philadelphia_PA_US_19104",
    "InstitutionName": "SC3T",
    "MRAcquisitionType": "2D",
    "MagneticFieldStrength": 3,
    "Manufacturer": "Siemens",
    "ManufacturersModelName": "Prisma",
    "Modality": "MR",
    "MultibandAccelerationFactor": 4,
    "ParallelReductionFactorInPlane": 2,
    "PartialFourier": 0.875,
    "PatientPosition": "HFS",
    "PatientSex": "M",
    "PercentPhaseFOV": 100,
    "PhaseEncodingDirection": "j-",
    "PhaseEncodingSteps": 117,
    "PhaseResolution": 1,
    "PixelBandwidth": 1670,
    "ProcedureStepDescription": "CAMRIS_Satterthwaite",
    "ProtocolName": "dwi_acq-HASC55_run-01_dir-AP_dwi",
    "PulseSequenceDetails": "%CustomerSeq%_cmrr_mbep2d_diff",
    "ReceiveCoilActiveElements": "HEA;HEP",
    "ReceiveCoilName": "Head_32",
    "ReconMatrixPE": 136,
    "RepetitionTime": 4.3,
    "SAR": 0.128661,
    "ScanOptions": "PFP_FS",
    "ScanningSequence": "EP",
    "SequenceName": "ep_b5#1",
    "SequenceVariant": "SK_SS",
    "SeriesDescription": "dwi_acq-HASC55_run-01_dir-AP_dwi",
    "SeriesInstanceUID": "1.3.12.2.1107.5.2.43.66044.2019060209022091849306746.0.0.0",
    "SeriesNumber": 5,
    "ShimSetting": [
        3830,
        2751,
        502,
        341,
        -12,
        170,
        19,
        3
    ],
    "SliceThickness": 1.7,
    "SliceTiming": [
        0,
        2.2425,
        0.205,
        2.445,
        0.4075,
        2.65,
        0.6125,
        2.8525,
        0.815,
        3.0575,
        1.02,
        3.2625,
        1.2225,
        3.465,
        1.4275,
        3.67,
        1.63,
        3.8725,
        1.835,
        4.0775,
        2.0375,
        0,
        2.2425,
        0.205,
        2.445,
        0.4075,
        2.65,
        0.6125,
        2.8525,
        0.815,
        3.0575,
        1.02,
        3.2625,
        1.2225,
        3.465,
        1.4275,
        3.67,
        1.63,
        3.8725,
        1.835,
        4.0775,
        2.0375,
        0,
        2.2425,
        0.205,
        2.445,
        0.4075,
        2.65,
        0.6125,
        2.8525,
        0.815,
        3.0575,
        1.02,
        3.2625,
        1.2225,
        3.465,
        1.4275,
        3.67,
        1.63,
        3.8725,
        1.835,
        4.0775,
        2.0375,
        0,
        2.2425,
        0.205,
        2.445,
        0.4075,
        2.65,
        0.6125,
        2.8525,
        0.815,
        3.0575,
        1.02,
        3.2625,
        1.2225,
        3.465,
        1.4275,
        3.67,
        1.63,
        3.8725,
        1.835,
        4.0775,
        2.0375
    ],
    "SoftwareVersions": "syngo_MR_E11",
    "SpacingBetweenSlices": 1.7,
    "StationName": "AWP66044",
    "StudyID": "1",
    "StudyInstanceUID": "1.3.12.2.1107.5.2.43.66044.30000019053113240811600000031",
    "TotalReadoutTime": 0.0526491,
    "TxRefAmp": 261.887,
    "WipMemBlock": "8d41c3cd-f7e2-4940-8a6a-3016baf773fa||Sequence: R016 ve11c/master r/e634e98; Dec 19 2017 11:11:25 by eja"
}