{
    "AcquisitionDateTime": "2019-07-10T13:27:31.422500",
    "AcquisitionMatrixPE": 136,
    "AcquisitionNumber": 1,
    "B0FieldSource": [
        "dwiepi"
    ],
    "BandwidthPerPixelPhaseEncode": 18.854,
    "BaseResolution": 136,
    "BodyPartExamined": "BRAIN",
    "ConsistencyInfo": "N4_VE11C_LATEST_20160120",
    "ConversionSoftware": "dcm2niix",
    "ConversionSoftwareVersion": "v1.0.20181114  (JP2:OpenJPEG) GCC4.8.4",
    "DeidentificationMethod": "Penn_BSC_profile_v3.0",
    "DerivedVendorReportedEchoSpacing": 0.000779987,
    "DeviceSerialNumber": "66044",
    "EchoTime": 0.09,
    "EchoTrainLength": 58,
    "EffectiveEchoSpacing": 0.000389994,
    "FlipAngle": 90,
    "ImageOrientationPatientDICOM": [
        1,
        0,
        0,
        0,
        1,
        0
    ],
    "ImageType": [
        "ORIGINAL",
        "PRIMARY",
        "DIFFUSION",
        "NONE",
        "MB",
        "ND",
        "NORM",
        "MOSAIC"
    ],
    "ImagingFrequency": 123.255,
    "InPlanePhaseEncodingDirectionDICOM": "COL",
    "InstitutionName": "SC3T",
    "MRAcquisitionType": "2D",
    "MagneticFieldStrength": 3,
    "Manufacturer": "Siemens",
    "ManufacturersModelName": "Prisma",
    "Modality": "MR",
    "MultibandAccelerationFactor": 4,
    "ParallelReductionFactorInPlane": 2,
    "PartialFourier": 0.875,
    "PatientPosition": "HFS",
    "PatientSex": "F",
    "PercentPhaseFOV": 100,
    "PhaseEncodingDirection": "j-",
    "PhaseEncodingSteps": 117,
    "PhaseResolution": 1,
    "PixelBandwidth": 1670,
    "ProcedureStepDescription": "CAMRIS_Satterthwaite",
    "ProtocolName": "dwi_acq-RAND57_dir-AP_dwi",
    "PulseSequenceDetails": "%CustomerSeq%_cmrr_mbep2d_diff",
    "ReceiveCoilActiveElements": "HEA;HEP",
    "ReceiveCoilName": "Head_32",
    "ReconMatrixPE": 136,
    "RepetitionTime": 4.3,
    "SAR": 0.106946,
    "ScanOptions": "PFP_FS",
    "ScanningSequence": "EP",
    "SequenceName": "ep_b5#1",
    "SequenceVariant": "SK_SS",
    "SeriesDescription": "dwi_acq-RAND57_dir-AP_dwi",
    "SeriesInstanceUID": "1.3.12.2.1107.5.2.43.66044.2019071013255736508254159.0.0.0",
    "SeriesNumber": 7,
    "ShimSetting": [
        3824,
        2800,
        483,
        345,
        -33,
        98,
        -70,
        3
    ],
    "SliceThickness": 1.7,
    "SliceTiming": [
        0,
        2.2425,
        0.205,
        2.4475,
        0.4075,
        2.65,
        0.6125,
        2.855,
        0.815,
        3.0575,
        1.02,
        3.2625,
        1.2225,
        3.465,
        1.4275,
        3.67,
        1.6325,
        3.8725,
        1.835,
        4.0775,
        2.04,
        0,
        2.2425,
        0.205,
        2.4475,
        0.4075,
        2.65,
        0.6125,
        2.855,
        0.815,
        3.0575,
        1.02,
        3.2625,
        1.2225,
        3.465,
        1.4275,
        3.67,
        1.6325,
        3.8725,
        1.835,
        4.0775,
        2.04,
        0,
        2.2425,
        0.205,
        2.4475,
        0.4075,
        2.65,
        0.6125,
        2.855,
        0.815,
        3.0575,
        1.02,
        3.2625,
        1.2225,
        3.465,
        1.4275,
        3.67,
        1.6325,
        3.8725,
        1.835,
        4.0775,
        2.04,
        0,
        2.2425,
        0.205,
        2.4475,
        0.4075,
        2.65,
        0.6125,
        2.855,
        0.815,
        3.0575,
        1.02,
        3.2625,
        1.2225,
        3.465,
        1.4275,
        3.67,
        1.6325,
        3.8725,
        1.835,
        4.0775,
        2.04
    ],
    "SoftwareVersions": "syngo_MR_E11",
    "SpacingBetweenSlices": 1.7,
    "StationName": "AWP66044",
    "StudyID": "1",
    "StudyInstanceUID": "1.3.12.2.1107.5.2.43.66044.30000019071013180228500000010",
    "TotalReadoutTime": 0.0526491,
    "TxRefAmp": 218.26,
    "WipMemBlock": "49c605cd-ffc8-4335-b344-0184f24b1c3c||Sequence: R016 ve11c/master r/e634e98; Dec 19 2017 11:11:25 by eja"
}