{
    "AcquisitionDateTime": "2019-08-22T14:35:7.400000",
    "AcquisitionMatrixPE": 90,
    "AcquisitionNumber": 1,
    "B0FieldSource": [
        "funcphasediff"
    ],
    "BandwidthPerPixelPhaseEncode": 21.786,
    "BaseResolution": 90,
    "BodyPartExamined": "BRAIN",
    "ConsistencyInfo": "N4_VE11C_LATEST_20160120",
    "ConversionSoftware": "dcm2niix",
    "ConversionSoftwareVersion": "v1.0.20190410  (JP2:OpenJPEG) GCC4.8.4",
    "DeidentificationMethod": "Penn_BSC_profile_v3.0",
    "DerivedVendorReportedEchoSpacing": 0.000510012,
    "DeviceSerialNumber": "66044",
    "EchoTime": 0.03,
    "EchoTrainLength": 90,
    "EffectiveEchoSpacing": 0.000510012,
    "FlipAngle": 52,
    "ImageOrientationPatientDICOM": [
        1,
        0,
        0,
        0,
        1,
        0
    ],
    "ImageType": [
        "ORIGINAL",
        "PRIMARY",
        "M",
        "ND",
        "MOSAIC"
    ],
    "ImagingFrequency": 123.255,
    "InPlanePhaseEncodingDirectionDICOM": "COL",
    "InstitutionName": "SC3T",
    "MRAcquisitionType": "2D",
    "MagneticFieldStrength": 3,
    "Manufacturer": "Siemens",
    "ManufacturersModelName": "Prisma",
    "Modality": "MR",
    "MultibandAccelerationFactor": 6,
    "PartialFourier": 1,
    "PatientPosition": "HFS",
    "PatientSex": "F",
    "PercentPhaseFOV": 100,
    "PhaseEncodingDirection": "j",
    "PhaseEncodingSteps": 90,
    "PhaseResolution": 1,
    "PixelBandwidth": 2780,
    "ProcedureStepDescription": "CAMRIS_Satterthwaite",
    "ProtocolName": "func_acq-ABCD_task-rest",
    "PulseSequenceDetails": "%CustomerSeq%_ep2d_bold_sms_abcd",
    "ReceiveCoilActiveElements": "HEA;HEP",
    "ReceiveCoilName": "Head_32",
    "ReconMatrixPE": 90,
    "RefLinesPE": 22,
    "RepetitionTime": 0.8,
    "SAR": 0.0614317,
    "ScanOptions": "FS_CT",
    "ScanningSequence": "EP",
    "SequenceName": "epfid2d1_90",
    "SequenceVariant": "SK",
    "SeriesDescription": "func_acq-ABCD_task-rest",
    "SeriesInstanceUID": "1.3.12.2.1107.5.2.43.66044.2019082214350140907795309.0.0.0",
    "SeriesNumber": 10,
    "ShimSetting": [
        3843,
        2956,
        451,
        402,
        30,
        541,
        151,
        14
    ],
    "SliceThickness": 2.4,
    "SliceTiming": [
        0.5475,
        0,
        0.39,
        0.0775,
        0.4675,
        0.235,
        0.625,
        0.3125,
        0.7025,
        0.1575,
        0.5475,
        0,
        0.39,
        0.0775,
        0.4675,
        0.235,
        0.625,
        0.3125,
        0.7025,
        0.1575,
        0.5475,
        0,
        0.39,
        0.0775,
        0.4675,
        0.235,
        0.625,
        0.3125,
        0.7025,
        0.1575,
        0.5475,
        0,
        0.39,
        0.0775,
        0.4675,
        0.235,
        0.625,
        0.3125,
        0.7025,
        0.1575,
        0.5475,
        0,
        0.39,
        0.0775,
        0.4675,
        0.235,
        0.625,
        0.3125,
        0.7025,
        0.1575,
        0.5475,
        0,
        0.39,
        0.0775,
        0.4675,
        0.235,
        0.625,
        0.3125,
        0.7025,
        0.1575
    ],
    "SoftwareVersions": "syngo_MR_E11",
    "SpacingBetweenSlices": 2.4,
    "StationName": "AWP66044",
    "StudyID": "1",
    "StudyInstanceUID": "1.3.12.2.1107.5.2.43.66044.30000019082216510478000000004",
    "TotalReadoutTime": 0.045391,
    "TxRefAmp": 234.52,
    "WipMemBlock": "c8d768ee-e00f-46d6-8262-7277d0d69798"
}