{
    "AcquisitionDateTime": "2019-06-02T09:41:24.695000",
    "AcquisitionMatrixPE": 90,
    "AcquisitionNumber": 1,
    "B0FieldIdentifier": [
        "funcphasediff"
    ],
    "BaseResolution": 90,
    "BodyPartExamined": "BRAIN",
    "ConsistencyInfo": "N4_VE11C_LATEST_20160120",
    "ConversionSoftware": "dcm2niix",
    "ConversionSoftwareVersion": "v1.0.20181114  (JP2:OpenJPEG) GCC4.8.4",
    "DeidentificationMethod": "Penn_BSC_profile_v3.0",
    "DeviceSerialNumber": "66044",
    "EchoNumber": 2,
    "EchoTime": 0.00746,
    "FlipAngle": 60,
    "ImageOrientationPatientDICOM": [
        1,
        0,
        0,
        0,
        1,
        0
    ],
    "ImageType": [
        "ORIGINAL",
        "PRIMARY",
        "M",
        "ND"
    ],
    "ImagingFrequency": 123.255,
    "InPlanePhaseEncodingDirectionDICOM": "COL",
    "InstitutionName": "SC3T",
    "MRAcquisitionType": "2D",
    "MagneticFieldStrength": 3,
    "Manufacturer": "Siemens",
    "ManufacturersModelName": "Prisma",
    "Modality": "MR",
    "PartialFourier": 1,
    "PatientPosition": "HFS",
    "PatientSex": "M",
    "PercentPhaseFOV": 100,
    "PhaseEncodingDirection": "j-",
    "PhaseEncodingSteps": 90,
    "PhaseResolution": 1,
    "PixelBandwidth": 260,
    "ProcedureStepDescription": "CAMRIS_Satterthwaite",
    "ProtocolName": "fmap_acq-ABCD_phasediff",
    "PulseSequenceDetails": "%SiemensSeq%_gre_field_mapping",
    "ReceiveCoilActiveElements": "HEA;HEP",
    "ReceiveCoilName": "Head_32",
    "ReconMatrixPE": 90,
    "RepetitionTime": 1.43,
    "SAR": 0.163939,
    "ScanOptions": "FS",
    "ScanningSequence": "GR",
    "SequenceName": "_fm2d2r",
    "SequenceVariant": "SP",
    "SeriesDescription": "fmap_acq-ABCD_phasediff",
    "SeriesInstanceUID": "1.3.12.2.1107.5.2.43.66044.2019060209411944189109658.0.0.0",
    "SeriesNumber": 14,
    "ShimSetting": [
        3830,
        2747,
        500,
        332,
        -8,
        143,
        22,
        4
    ],
    "SliceThickness": 2.4,
    "SoftwareVersions": "syngo_MR_E11",
    "SpacingBetweenSlices": 2.4,
    "StationName": "AWP66044",
    "StudyID": "1",
    "StudyInstanceUID": "1.3.12.2.1107.5.2.43.66044.30000019053113240811600000031",
    "TxRefAmp": 261.887
}